GIT
  remote: https://github.com/cloudfoundry/steno.git
  revision: 3117002a92258fe4294bc34aaa8fd5005cf58e72
  specs:
    steno (1.2.4)
      fluent-logger
      yajl-ruby (~> 1.0)

GEM
  remote: http://ruby.taobao.org/
  specs:
    activemodel (4.0.4)
      activesupport (= 4.0.4)
      builder (~> 3.1.0)
    activerecord (4.0.4)
      activemodel (= 4.0.4)
      activerecord-deprecated_finders (~> 1.0.2)
      activesupport (= 4.0.4)
      arel (~> 4.0.0)
    activerecord-deprecated_finders (1.0.3)
    activerecord-mysql-adapter (0.0.1)
      activerecord (>= 3.2.9)
      activesupport (>= 3.2.9)
      mysql (>= 2.9.0)
    activesupport (4.0.4)
      i18n (~> 0.6, >= 0.6.9)
      minitest (~> 4.2)
      multi_json (~> 1.3)
      thread_safe (~> 0.1)
      tzinfo (~> 0.3.37)
    arel (4.0.2)
    atomic (1.1.16)
    builder (3.1.4)
    daemons (1.1.9)
    eventmachine (0.12.10)
    fluent-logger (0.4.7)
      msgpack (>= 0.4.4, < 0.6.0, != 0.5.3, != 0.5.2, != 0.5.1, != 0.5.0)
      yajl-ruby (~> 1.0)
    i18n (0.6.9)
    json_pure (1.8.1)
    membrane (1.0.0)
    minitest (4.7.5)
    msgpack (0.5.8)
    multi_json (1.9.2)
    mysql (2.9.1)
    nats (0.4.28)
      daemons (>= 1.1.5)
      eventmachine (= 0.12.10)
      json_pure (>= 1.7.3)
      thin (>= 1.4.1)
    rack (1.5.2)
    standalone_migrations (2.0.4)
      standalone_migrations
    thin (1.5.1)
      daemons (>= 1.0.9)
      eventmachine (>= 0.12.6)
      rack (>= 1.0.0)
    thread_safe (0.3.1)
      atomic (>= 1.1.7, < 2)
    tzinfo (0.3.39)
    yajl-ruby (1.2.0)

PLATFORMS
  ruby

DEPENDENCIES
  activerecord
  activerecord-mysql-adapter
  eventmachine
  membrane
  nats
  standalone_migrations
  steno!
